GEM
  remote: http://rubygems.org/
  specs:
    bourbon (4.2.5)
      sass (~> 3.4)
      thor (~> 0.19)
    coffee-script (2.4.1)
      coffee-script-source
      execjs
    coffee-script-source (1.9.1.1)
    execjs (2.6.0)
    rack (1.6.4)
    rack-coffee (1.0.3)
      coffee-script
      rack
    rack-protection (1.5.3)
      rack
    sass (3.4.18)
    sinatra (1.4.6)
      rack (~> 1.4)
      rack-protection (~> 1.4)
      tilt (>= 1.3, < 3)
    thor (0.19.1)
    tilt (2.0.1)

PLATFORMS
  x86-mingw32

DEPENDENCIES
  bourbon
  rack-coffee
  sass
  sinatra

BUNDLED WITH
   1.10.6
